GEM
  remote: http://rubygems.org/
  specs:
    builder (3.1.3)
    json (1.7.5)
    kytoon (1.2.4)
      builder
      json
      openstack-compute
      rake
      thor
      uuidtools
    openstack-compute (1.1.10)
      json
    rake (0.9.2.2)
    thor (0.16.0)
    uuidtools (2.1.3)

PLATFORMS
  ruby

DEPENDENCIES
  kytoon (>= 1.2.4)
