GEM
  remote: http://rubygems.org/
  specs:
    builder (3.1.3)
    excon (0.16.10)
    fog (1.8.0)
      builder
      excon (~> 0.14)
      formatador (~> 0.2.0)
      mime-types
      multi_json (~> 1.0)
      net-scp (~> 1.0.4)
      net-ssh (>= 2.1.3)
      nokogiri (~> 1.5.0)
      ruby-hmac
    formatador (0.2.4)
    json (1.7.5)
    kytoon (1.3.8)
      builder
      fog
      json
      rake
      thor
      uuidtools
    mime-types (1.19)
    multi_json (1.5.0)
    net-scp (1.0.4)
      net-ssh (>= 1.99.1)
    net-ssh (2.6.2)
    nokogiri (1.5.5)
    rake (0.9.2.2)
    ruby-hmac (0.4.0)
    thor (0.16.0)
    uuidtools (2.1.3)

PLATFORMS
  ruby

DEPENDENCIES
  kytoon (>= 1.3.8)
